GEM
  remote: https://rubygems.org/
  specs:
    ast (2.4.2)
    coderay (1.1.3)
    faraday (1.3.0)
      faraday-net_http (~> 1.0)
      multipart-post (>= 1.2, < 3)
      ruby2_keywords
    faraday-net_http (1.0.1)
    method_source (1.0.0)
    multi_json (1.15.0)
    multipart-post (2.1.1)
    mustermann (2.0.2)
      ruby2_keywords (~> 0.0.1)
    nio4r (2.7.0)
    parallel (1.20.1)
    parser (3.0.0.0)
      ast (~> 2.4.1)
    pry (0.14.0)
      coderay (~> 1.1)
      method_source (~> 1.0)
    puma (5.6.8)
      nio4r (~> 2.0)
    rack (2.2.8.1)
    rack-protection (2.2.3)
      rack
    rainbow (3.0.0)
    regexp_parser (2.1.1)
    rexml (3.2.8)
      strscan (>= 3.0.9)
    rubocop (1.12.0)
      parallel (~> 1.10)
      parser (>= 3.0.0.0)
      rainbow (>= 2.2.2, < 4.0)
      regexp_parser (>= 1.8, < 3.0)
      rexml
      rubocop-ast (>= 1.2.0, < 2.0)
      ruby-progressbar (~> 1.7)
      unicode-display_width (>= 1.4.0, < 3.0)
    rubocop-ast (1.4.1)
      parser (>= 2.7.1.5)
    ruby-progressbar (1.11.0)
    ruby2_keywords (0.0.5)
    sinatra (2.2.3)
      mustermann (~> 2.0)
      rack (~> 2.2)
      rack-protection (= 2.2.3)
      tilt (~> 2.0)
    sinatra-contrib (2.2.3)
      multi_json
      mustermann (~> 2.0)
      rack-protection (= 2.2.3)
      sinatra (= 2.2.3)
      tilt (~> 2.0)
    strscan (3.1.0)
    tilt (2.0.11)
    unicode-display_width (2.0.0)

PLATFORMS
  ruby

DEPENDENCIES
  faraday
  pry
  puma
  rubocop
  sinatra
  sinatra-contrib

RUBY VERSION
   ruby 3.0.0p0

BUNDLED WITH
   2.2.3
