GEM
  remote: https://rubygems.org/
  specs:
    backports (3.15.0)
    coderay (1.1.2)
    faraday (0.16.2)
      multipart-post (>= 1.2, < 3)
    method_source (0.9.2)
    multi_json (1.13.1)
    multipart-post (2.1.1)
    mustermann (1.0.3)
    nio4r (2.5.2)
    pry (0.12.2)
      coderay (~> 1.1.0)
      method_source (~> 0.9.0)
    puma (4.2.0)
      nio4r (~> 2.0)
    rack (2.0.7)
    rack-protection (2.0.7)
      rack
    sinatra (2.0.7)
      mustermann (~> 1.0)
      rack (~> 2.0)
      rack-protection (= 2.0.7)
      tilt (~> 2.0)
    sinatra-contrib (2.0.7)
      backports (>= 2.8.2)
      multi_json
      mustermann (~> 1.0)
      rack-protection (= 2.0.7)
      sinatra (= 2.0.7)
      tilt (~> 2.0)
    tilt (2.0.10)

PLATFORMS
  ruby

DEPENDENCIES
  faraday
  pry
  puma
  sinatra
  sinatra-contrib

BUNDLED WITH
   1.17.2
